GEM
  remote: https://rubygems.org/
  specs:
    jruby-jars (1.7.4)
    jruby-rack (1.1.13.2)
    rake (10.0.4)
    rubyzip (0.9.9)
    warbler (1.3.8)
      jruby-jars (>= 1.5.6)
      jruby-rack (>= 1.0.0)
      rake (>= 0.9.6)
      rubyzip (>= 0.9.8)

PLATFORMS
  java

DEPENDENCIES
  warbler (~> 1.3.8)
